PATH
  remote: .
  specs:
    cctalk (0.0.1)

GEM
  remote: https://rubygems.org/
  specs:
    rake (10.3.2)

PLATFORMS
  ruby

DEPENDENCIES
  bundler (~> 1.6)
  cctalk!
  rake (~> 10.0)
